GEM
  remote: https://rubygems.org/
  specs:
    eventmachine (1.2.2)
    faraday (0.11.0)
      multipart-post (>= 1.2, < 3)
    faye-websocket (0.10.6)
      eventmachine (>= 0.12.0)
      websocket-driver (>= 0.5.1)
    htmlentities (4.3.4)
    http_router (0.11.2)
      rack (>= 1.0.0)
      url_mount (~> 0.2.1)
    i18n (0.8.0)
    ice_nine (0.11.2)
    lita (4.7.1)
      bundler (>= 1.3)
      faraday (>= 0.8.7)
      http_router (>= 0.11.2)
      i18n (>= 0.6.9)
      ice_nine (>= 0.11.0)
      multi_json (>= 1.7.7)
      puma (>= 2.7.1)
      rack (>= 1.5.2, < 2.0.0)
      rb-readline (>= 0.5.1)
      redis-namespace (>= 1.3.0)
      thor (>= 0.18.1)
    lita-google (1.1.0)
      lita (>= 4.0)
    lita-love (0.1.2)
      lita (>= 4.6)
    lita-slack (1.8.0)
      eventmachine
      faraday
      faye-websocket (>= 0.8.0)
      lita (>= 4.7.1)
      multi_json
    lita-spoil_french (0.1.0)
      htmlentities
      lita (>= 4.6)
    multi_json (1.12.1)
    multipart-post (2.0.0)
    puma (3.7.0)
    rack (1.6.5)
    rb-readline (0.5.3)
    redis (3.3.3)
    redis-namespace (1.5.2)
      redis (~> 3.0, >= 3.0.4)
    thor (0.19.4)
    url_mount (0.2.1)
      rack
    websocket-driver (0.6.5)
      websocket-extensions (>= 0.1.0)
    websocket-extensions (0.1.2)

PLATFORMS
  ruby

DEPENDENCIES
  lita
  lita-google
  lita-love
  lita-slack
  lita-spoil_french

BUNDLED WITH
   1.14.3
